GEM
  remote: https://rubygems.org/
  specs:
    logger (1.3.0)
    mini_portile2 (2.4.0)
    mustermann (1.0.3)
    nokogiri (1.9.1)
      mini_portile2 (~> 2.4.0)
    rack (2.0.6)
    rack-protection (2.0.5)
      rack
    sinatra (2.0.5)
      mustermann (~> 1.0)
      rack (~> 2.0)
      rack-protection (= 2.0.5)
      tilt (~> 2.0)
    tilt (2.0.9)

PLATFORMS
  ruby

DEPENDENCIES
  logger
  nokogiri
  sinatra

BUNDLED WITH
   1.15.4
